GEM
  remote: https://rubygems.org/
  specs:
    bson (4.2.2)
    byebug (9.0.6)
    mongo (2.4.3)
      bson (>= 4.2.1, < 5.0.0)
    ruby-kafka (0.4.1)

PLATFORMS
  ruby

DEPENDENCIES
  byebug
  mongo
  ruby-kafka

RUBY VERSION
   ruby 2.3.3p222

BUNDLED WITH
   1.14.6
