GEM
  remote: https://rubygems.org/
  specs:
    bson (4.2.2)
    mongo (2.4.2)
      bson (>= 4.2.1, < 5.0.0)

PLATFORMS
  ruby

DEPENDENCIES
  mongo (= 2.4.2)

RUBY VERSION
   ruby 2.3.3p222

BUNDLED WITH
   1.14.6
